GIT
  remote: git://github.com/judofyr/ruby-oembed.git
  revision: 21753056968a82be3f032aa7bfd26c9c4db2f715
  specs:
    ruby-oembed (0.8.8)

GEM
  remote: https://rubygems.org/
  specs:
    bourbon (3.1.6)
      sass (>= 3.2.0)
      thor
    classifier (1.3.3)
      fast-stemmer (>= 1.0.0)
    coffee-script (2.2.0)
      coffee-script-source
      execjs
    coffee-script-source (1.6.2)
    colorator (0.1)
    commander (4.1.4)
      highline (~> 1.6.11)
    directory_watcher (1.4.1)
    execjs (1.4.0)
      multi_json (~> 1.0)
    fast-stemmer (1.0.2)
    highline (1.6.19)
    hike (1.2.3)
    jekyll (1.1.2)
      classifier (~> 1.3)
      colorator (~> 0.1)
      commander (~> 4.1.3)
      directory_watcher (~> 1.4.1)
      kramdown (~> 1.0.2)
      liquid (~> 2.5.1)
      maruku (~> 0.5)
      pygments.rb (~> 0.5.0)
      redcarpet (~> 2.2.2)
      safe_yaml (~> 0.7.0)
    jekyll-assets (0.6.1)
      jekyll (~> 1.0)
      sprockets (~> 2.10)
    kramdown (1.0.2)
    liquid (2.5.1)
    maruku (0.6.1)
      syntax (>= 1.0.0)
    mina (0.3.0)
      open4
      rake
    multi_json (1.7.7)
    neat (1.2.1)
      bourbon (>= 2.1)
      sass (>= 3.2)
    open4 (1.3.0)
    posix-spawn (0.3.6)
    pygments.rb (0.5.2)
      posix-spawn (~> 0.3.6)
      yajl-ruby (~> 1.1.0)
    rack (1.5.2)
    rake (10.1.0)
    redcarpet (2.2.2)
    safe_yaml (0.7.1)
    sass (3.2.10)
    sprockets (2.10.0)
      hike (~> 1.2)
      multi_json (~> 1.0)
      rack (~> 1.0)
      tilt (~> 1.1, != 1.3.0)
    stringex (2.0.8)
    syntax (1.0.0)
    thor (0.18.1)
    tilt (1.4.1)
    yajl-ruby (1.1.0)

PLATFORMS
  ruby

DEPENDENCIES
  bourbon
  coffee-script
  jekyll-assets
  mina (~> 0.3.0)
  neat
  ruby-oembed!
  sass
  stringex
